PATH
  remote: .
  specs:
    rayyan-formats-core (0.0.1)

GEM
  remote: https://rubygems.org/
  specs:
    log4r (1.1.10)
    rake (0.9.6)

PLATFORMS
  ruby

DEPENDENCIES
  bundler (~> 1.3)
  log4r (~> 1.0)
  rake (~> 0)
  rayyan-formats-core!

BUNDLED WITH
   1.14.2
